GEM
  remote: https://rubygems.org/
  specs:
    base64 (0.3.0)
    bcrypt (3.1.20)
    connection_pool (2.5.3)
    jwt (2.10.1)
      base64
    logger (1.7.0)
    nio4r (2.7.4)
    puma (6.6.0)
      nio4r (~> 2.0)
    rack (2.2.17)
    redis (5.4.0)
      redis-client (>= 0.22.0)
    redis-client (0.24.0)
      connection_pool
    sidekiq (7.3.9)
      base64
      connection_pool (>= 2.3.0)
      logger
      rack (>= 2.2.4)
      redis-client (>= 0.22.2)

PLATFORMS
  ruby

DEPENDENCIES
  bcrypt
  jwt
  puma
  rack (~> 2.2)
  redis
  sidekiq

RUBY VERSION
   ruby 3.1.2p20

BUNDLED WITH
   2.4.22
